GEM
  remote: https://rubygems.org/
  specs:
    aws-sdk (2.2.22)
      aws-sdk-resources (= 2.2.22)
    aws-sdk-core (2.2.22)
      jmespath (~> 1.0)
    aws-sdk-resources (2.2.22)
      aws-sdk-core (= 2.2.22)
    jmespath (1.1.3)
    mime-types (2.99.1)

PLATFORMS
  ruby

DEPENDENCIES
  aws-sdk (~> 2)
  mime-types (~> 2.99)

BUNDLED WITH
   1.11.2
